GEM
  remote: https://rubygems.org/
  specs:
    io-console (0.6.0)
    optparse (0.3.1)
    rainbow (3.1.1)
    readline (0.0.3)
      reline
    reline (0.3.3)
      io-console (~> 0.5)

PLATFORMS
  x86_64-linux

DEPENDENCIES
  optparse (~> 0.3.1)
  rainbow (~> 3.1)
  readline (~> 0.0.3)

BUNDLED WITH
   2.4.4
